GEM
  remote: https://rubygems.org/
  specs:
    daemons (1.2.3)
    eventmachine (1.0.8)
    foreman (0.78.0)
      thor (~> 0.19.1)
    rack (1.6.4)
    thin (1.6.4)
      daemons (~> 1.0, >= 1.0.9)
      eventmachine (~> 1.0, >= 1.0.4)
      rack (~> 1.0)
    thor (0.19.1)

PLATFORMS
  x86-mingw32

DEPENDENCIES
  foreman
  thin
